GEM
  remote: https://rubygems.org/
  specs:
    logger (1.4.3)
    rack (2.2.3)
    sequel (5.41.0)
    sqlite3 (1.4.2)

PLATFORMS
  x86_64-linux

DEPENDENCIES
  logger
  rack
  sequel
  sqlite3

RUBY VERSION
   ruby 2.7.2p137

BUNDLED WITH
   2.2.8
